GIT
  remote: https://github.com/tomiacannondale/itamae-plugin-recipe-anyenv
  revision: c59d28c82fb0ee96e7652dbd446c9c4f77268553
  branch: tmp-newanyenv-localenv
  specs:
    itamae-plugin-recipe-anyenv (0.4.0)
      itamae (~> 1.4)

GEM
  remote: https://rubygems.org/
  specs:
    ansi (1.5.0)
    bcrypt_pbkdf (1.1.0)
    byebug (11.1.3)
    coderay (1.1.3)
    ed25519 (1.3.0)
    hashie (5.0.0)
    itamae (1.14.1)
      ansi
      hashie
      schash (~> 0.1.0)
      specinfra (>= 2.64.0, < 3.0.0)
      thor (>= 1.0.0)
    itamae-plugin-recipe-rbenv (0.9.0)
      itamae (~> 1.2)
    itamae-plugin-resource-cask (0.2.4)
      itamae
    method_source (1.0.0)
    net-scp (1.2.1)
      net-ssh (>= 2.6.5)
    net-ssh (7.0.1)
    net-telnet (0.1.1)
    pry (0.13.1)
      coderay (~> 1.1)
      method_source (~> 1.0)
    pry-byebug (3.9.0)
      byebug (~> 11.0)
      pry (~> 0.13.0)
    schash (0.1.2)
    sfl (2.3)
    specinfra (2.83.2)
      net-scp
      net-ssh (>= 2.7)
      net-telnet (= 0.1.1)
      sfl
    thor (1.2.1)

PLATFORMS
  ruby

DEPENDENCIES
  bcrypt_pbkdf (>= 1.0, < 2.0)
  ed25519 (>= 1.2, < 2.0)
  itamae
  itamae-plugin-recipe-anyenv!
  itamae-plugin-recipe-rbenv
  itamae-plugin-resource-cask
  pry-byebug

BUNDLED WITH
   2.3.7
